GEM
  remote: https://rubygems.org/
  specs:
    activesupport (6.1.0)
      concurrent-ruby (~> 1.0, >= 1.0.2)
      i18n (>= 1.6, < 2)
      minitest (>= 5.1)
      tzinfo (~> 2.0)
      zeitwerk (~> 2.3)
    ast (2.0.0)
    atomic (1.1.101)
    aubio (0.3.3)
      ffi (~> 1.9)
    benchmark-ips (2.3.0)
    blankslate (3.1.3)
    concurrent-ruby (1.1.7)
    coreaudio (0.0.12.pre.patched)
      narray (~> 0.6.0.0)
    ffi (1.11.3)
    gettext (3.2.2)
      locale (>= 2.0.5)
      text (>= 1.3.0)
    i18n (1.8.5)
      concurrent-ruby (~> 1.0)
    interception (0.5)
    kramdown (2.1.0)
    locale (2.1.2)
    memoist (0.16.2)
    metaclass (0.0.4)
    minitest (5.8.1)
    mocha (1.1.0)
      metaclass (~> 0.0.1)
    multi_json (1.15.0)
    narray (0.6.0.9)
    parser (2.2.2.1)
      ast (>= 1.1, < 3.0)
    parslet (2.0.0)
    polyglot (0.3.5)
    rake (13.0.1)
    rake-compiler (1.1.0)
      rake
    rouge (3.26.0)
    rubame (0.0.2)
      websocket (~> 1.0)
    ruby-beautify (0.97.4)
    ruby-prof (0.15.8)
    rugged (0.28.4.1)
    sys-proctable (1.2.2)
      ffi
    text (1.3.1)
    thread_safe (0.3.6)
    treetop (1.6.11)
      polyglot (~> 0.3)
    tzinfo (2.0.3)
      concurrent-ruby (~> 1.0)
    wavefile (0.8.1)
    websocket (1.2.8)
    zeitwerk (2.4.2)

PLATFORMS
  x86_64-darwin-19

DEPENDENCIES
  activesupport
  ast (= 2.0.0)
  atomic
  aubio (= 0.3.3)
  benchmark-ips (= 2.3.0)
  blankslate
  coreaudio (= 0.0.12.pre.patched)
  ffi (= 1.11.3)
  gettext (= 3.2.2)
  i18n
  interception
  kramdown (= 2.1.0)
  locale (= 2.1.2)
  memoist (= 0.16.2)
  metaclass (= 0.0.4)
  minitest (= 5.8.1)
  mocha (= 1.1.0)
  multi_json
  narray
  parser (= 2.2.2.1)
  parslet
  polyglot (= 0.3.5)
  rake-compiler (= 1.1.0)
  rouge
  rubame
  ruby-beautify
  ruby-prof (= 0.15.8)
  rugged (= 0.28.4.1)
  sys-proctable (= 1.2.2)
  text (= 1.3.1)
  thread_safe
  treetop
  wavefile (= 0.8.1)
  websocket (= 1.2.8)

BUNDLED WITH
   2.2.1
